GEM
  remote: https://rubygems.org/
  specs:
    em-websocket (0.5.1)
      eventmachine (>= 0.12.9)
      http_parser.rb (~> 0.6.0)
    eventmachine (1.2.7-x64-mingw32)
    http_parser.rb (0.6.0)

PLATFORMS
  x64-mingw32

DEPENDENCIES
  em-websocket

BUNDLED WITH
   1.17.1
